{
    "Modality": "MR",
    "MagneticFieldStrength": 3,
    "ImagingFrequency": 123.221,
    "Manufacturer": "Siemens",
    "ManufacturersModelName": "TrioTim",
    "InstitutionName": "Center_of_BrainImaging_Uni-Marburg",
    "InstitutionalDepartmentName": "Department",
    "InstitutionAddress": "deleted_by_bidsonym",
    "DeviceSerialNumber": "35420",
    "StationName": "MEDPC",
    "SeriesInstanceUID": "1.3.12.2.1107.5.2.32.35420.2020030414014049983435476.0.0.0",
    "StudyInstanceUID": "1.3.12.2.1107.5.2.32.35420.30000020030408300979600000004",
    "StudyID": "1",
    "PatientName": "20200304_Empatom_02",
    "PatientID": "Empatom_02",
    "PatientBirthDate": "1995-01-01",
    "PatientSex": "F",
    "PatientWeight": 64,
    "PatientPosition": "HFS",
    "ProcedureStepDescription": "AGB_Andreas",
    "SoftwareVersions": "syngo_MR_B17",
    "MRAcquisitionType": "2D",
    "SeriesDescription": "gre_field_mapping_AP",
    "ProtocolName": "gre_field_mapping_AP",
    "ScanningSequence": "GR",
    "SequenceVariant": "SP",
    "SequenceName": "_fm2d2r",
    "ImageType": [
        "ORIGINAL",
        "PRIMARY",
        "P",
        "ND"
    ],
    "SeriesNumber": 8,
    "AcquisitionTime": "14:01:44.972500",
    "AcquisitionDateTime": "2020-03-04T14:01:44.972500",
    "AcquisitionNumber": 1,
    "ImageComments": "empatom_2",
    "SliceThickness": 3.5,
    "SpacingBetweenSlices": 4.025,
    "SAR": 0.1817,
    "EchoNumber": 2,
    "EchoTime": 0.00738,
    "EchoTime1": 0.00492,
    "EchoTime2": 0.00738,
    "RepetitionTime": 0.4,
    "FlipAngle": 60,
    "PartialFourier": 1,
    "BaseResolution": 64,
    "ShimSetting": [
        9334,
        9501,
        -1474,
        198,
        -163,
        -2604,
        756,
        219
    ],
    "TxRefAmp": 293.764,
    "PhaseResolution": 1,
    "ReceiveCoilName": "HeadMatrix",
    "CoilString": "C:HEA;HEP",
    "PulseSequenceDetails": "%SiemensSeq%_gre_field_mapping",
    "PercentPhaseFOV": 100,
    "PhaseEncodingSteps": 64,
    "AcquisitionMatrixPE": 64,
    "ReconMatrixPE": 64,
    "PixelBandwidth": 260,
    "DwellTime": 3e-05,
    "PhaseEncodingDirection": "j-",
    "SliceTiming": [
        0,
        0.20312,
        0.01562,
        0.21875,
        0.03125,
        0.23438,
        0.03125,
        0.25,
        0.04688,
        0.25,
        0.0625,
        0.26562,
        0.0625,
        0.28125,
        0.07812,
        0.28125,
        0.09375,
        0.29688,
        0.09375,
        0.3125,
        0.10938,
        0.3125,
        0.125,
        0.32812,
        0.14062,
        0.34375,
        0.14062,
        0.34375,
        0.15625,
        0.35938,
        0.17188,
        0.375,
        0.17188,
        0.39062,
        0.1875,
        0.39062,
        0.20312
    ],
    "ImageOrientationPatientDICOM": [
        0.999677,
        0.0211337,
        0.0141333,
        -0.0200679,
        0.997223,
        -0.071716
    ],
    "InPlanePhaseEncodingDirectionDICOM": "COL",
    "ConversionSoftware": "dcm2niix",
    "ConversionSoftwareVersion": "v1.0.20190902"
}