{
  "aor": 0.0009478851412944395,
  "aqi": 0.010109543309024614,
  "bids_meta": {
    "AcquisitionDateTime": "2020-03-12T08:32:1.762500",
    "AcquisitionMatrixPE": 64,
    "AcquisitionNumber": 1,
    "AcquisitionTime": "08:32:1.762500",
    "BandwidthPerPixelPhaseEncode": 58.962,
    "BaseResolution": 64,
    "CoilString": "T:HEA;HEP",
    "ConversionSoftware": "dcm2niix",
    "ConversionSoftwareVersion": "v1.0.20190902",
    "DerivedVendorReportedEchoSpacing": 0.000530002,
    "DeviceSerialNumber": "35420",
    "DwellTime": 3.5e-06,
    "EchoTime": 0.027,
    "EffectiveEchoSpacing": 0.000265001,
    "FlipAngle": 71,
    "ImageOrientationPatientDICOM": [
      0.999163,
      -0.0199963,
      -0.0356936,
      0.0218865,
      0.998335,
      0.0533749
    ],
    "ImageType": [
      "ORIGINAL",
      "PRIMARY",
      "M",
      "ND",
      "MOSAIC"
    ],
    "ImagingFrequency": 123.222,
    "InPlanePhaseEncodingDirectionDICOM": "COL",
    "InstitutionAddress": "deleted_by_bidsonym",
    "InstitutionName": "Center_of_BrainImaging_Uni-Marburg",
    "InstitutionalDepartmentName": "Department",
    "MRAcquisitionType": "2D",
    "MagneticFieldStrength": 3,
    "Manufacturer": "Siemens",
    "ManufacturersModelName": "TrioTim",
    "Modality": "MR",
    "ParallelReductionFactorInPlane": 2,
    "PartialFourier": 1,
    "PatientBirthDate": "1995-01-01",
    "PatientID": "Empatom_05",
    "PatientName": "20200312_Empatom_05",
    "PatientPosition": "HFS",
    "PatientSex": "M",
    "PatientWeight": 80,
    "PercentPhaseFOV": 100,
    "PhaseEncodingDirection": "j-",
    "PhaseEncodingSteps": 63,
    "PhaseResolution": 1,
    "PixelBandwidth": 2232,
    "ProcedureStepDescription": "AGB_Andreas",
    "ProtocolName": "ep2d_bold_TR1760_TE27_p2_des_iso35",
    "PulseSequenceDetails": "%SiemensSeq%_ep2d_bold",
    "ReceiveCoilName": "HeadMatrix",
    "ReconMatrixPE": 64,
    "RefLinesPE": 24,
    "RepetitionTime": 1.76,
    "SAR": 0.115946,
    "ScanOptions": "FS",
    "ScanningSequence": "EP",
    "SequenceName": "_epfid2d1_64",
    "SequenceVariant": "SK",
    "SeriesDescription": "ep2d_bold_TR1760_TE27_p2_des_iso35",
    "SeriesInstanceUID": "1.3.12.2.1107.5.2.32.35420.2020031208315135227006061.0.0.0",
    "SeriesNumber": 7,
    "ShimSetting": [
      9280,
      9534,
      -1438,
      228,
      -191,
      -2569,
      751,
      327
    ],
    "SliceThickness": 3.5,
    "SliceTiming": [
      1.7175,
      1.6675,
      1.615,
      1.565,
      1.515,
      1.465,
      1.415,
      1.365,
      1.3125,
      1.2625,
      1.2125,
      1.1625,
      1.1125,
      1.06,
      1.01,
      0.96,
      0.91,
      0.86,
      0.8075,
      0.7575,
      0.7075,
      0.6575,
      0.6075,
      0.555,
      0.505,
      0.455,
      0.405,
      0.355,
      0.305,
      0.2525,
      0.2025,
      0.1525,
      0.1025,
      0.0525,
      0
    ],
    "SoftwareVersions": "syngo_MR_B17",
    "SpacingBetweenSlices": 4.025,
    "StationName": "MEDPC",
    "StudyID": "1",
    "StudyInstanceUID": "1.3.12.2.1107.5.2.32.35420.30000020031206245842100000004",
    "TaskName": "empatom",
    "TotalReadoutTime": 0.0166951,
    "TxRefAmp": 284.777,
    "dataset": "unknown",
    "modality": "bold",
    "subject_id": "05",
    "task_id": "empatom"
  },
  "dummy_trs": 1,
  "dvars_nstd": 21.312947856140514,
  "dvars_std": 1.0137709323813864,
  "dvars_vstd": 0.969575378093065,
  "efc": 0.4881469875641913,
  "fber": 1832.733154296875,
  "fd_mean": 0.1416638104455657,
  "fd_num": 123,
  "fd_perc": 11.21239744758432,
  "fwhm_avg": 2.4293893821098274,
  "fwhm_x": 2.388337142857143,
  "fwhm_y": 2.6870857142857143,
  "fwhm_z": 2.212745289186625,
  "gcor": 0.0469723,
  "gsr_x": -0.0024523609317839146,
  "gsr_y": 0.01589187979698181,
  "provenance": {
    "md5sum": "d0c5b0f0bff33d6fd855725653f22d7d",
    "settings": {
      "fd_thres": 0.2,
      "hmc_fsl": false
    },
    "software": "mriqc",
    "version": "0.15.2rc1",
    "webapi_port": null,
    "webapi_url": "https://mriqc.nimh.nih.gov/api/v1"
  },
  "size_t": 1097,
  "size_x": 64,
  "size_y": 64,
  "size_z": 35,
  "snr": 4.4544593339972325,
  "spacing_tr": 1.7599999904632568,
  "spacing_x": 3.5,
  "spacing_y": 3.5,
  "spacing_z": 4.025000095367432,
  "summary_bg_k": 35.24512329763198,
  "summary_bg_mad": 5.720926761627197,
  "summary_bg_mean": 32.76414108276367,
  "summary_bg_median": 17.848678588867188,
  "summary_bg_n": 85946.0,
  "summary_bg_p05": 12.705560684204102,
  "summary_bg_p95": 112.72766876220703,
  "summary_bg_stdv": 49.81536102294922,
  "summary_fg_k": 2.2620561987559435,
  "summary_fg_mad": 139.76806640625,
  "summary_fg_mean": 806.3255004882812,
  "summary_fg_median": 802.7042236328125,
  "summary_fg_n": 26974.0,
  "summary_fg_p05": 524.5420166015625,
  "summary_fg_p95": 1102.9857482910156,
  "summary_fg_stdv": 180.1990509033203,
  "tsnr": 43.19253158569336
}