{
    "Modality": "MR",
    "MagneticFieldStrength": 3,
    "ImagingFrequency": 123.221,
    "Manufacturer": "Siemens",
    "ManufacturersModelName": "TrioTim",
    "InstitutionName": "Center_of_BrainImaging_Uni-Marburg",
    "InstitutionalDepartmentName": "Department",
    "InstitutionAddress": "deleted_by_bidsonym",
    "DeviceSerialNumber": "35420",
    "StationName": "MEDPC",
    "SeriesInstanceUID": "1.3.12.2.1107.5.2.32.35420.2020062409264161443156719.0.0.0",
    "StudyInstanceUID": "1.3.12.2.1107.5.2.32.35420.30000020062405253642100000007",
    "StudyID": "1",
    "PatientName": "20200624_AGB_EMPATOM09",
    "PatientID": "20200624_AGB_EMPATOM09",
    "PatientBirthDate": "1994-01-01",
    "PatientSex": "M",
    "PatientWeight": 75,
    "PatientPosition": "HFS",
    "ProcedureStepDescription": "AGB_Andreas",
    "SoftwareVersions": "syngo_MR_B17",
    "MRAcquisitionType": "2D",
    "SeriesDescription": "ep2d_bold_TR1760_TE27_p2_des_iso35",
    "ProtocolName": "ep2d_bold_TR1760_TE27_p2_des_iso35",
    "ScanningSequence": "EP",
    "SequenceVariant": "SK",
    "ScanOptions": "FS",
    "SequenceName": "_epfid2d1_64",
    "ImageType": [
        "ORIGINAL",
        "PRIMARY",
        "M",
        "ND",
        "MOSAIC"
    ],
    "SeriesNumber": 6,
    "AcquisitionTime": "09:26:51.782500",
    "AcquisitionDateTime": "2020-06-24T09:26:51.782500",
    "AcquisitionNumber": 1,
    "SliceThickness": 3.5,
    "SpacingBetweenSlices": 4.025,
    "SAR": 0.113512,
    "EchoTime": 0.027,
    "RepetitionTime": 1.76,
    "FlipAngle": 71,
    "PartialFourier": 1,
    "BaseResolution": 64,
    "ShimSetting": [
        9373,
        9578,
        -1514,
        243,
        -18,
        -2515,
        161,
        297
    ],
    "TxRefAmp": 318.102,
    "PhaseResolution": 1,
    "ReceiveCoilName": "HeadMatrix",
    "CoilString": "T:HEA;HEP",
    "PulseSequenceDetails": "%SiemensSeq%_ep2d_bold",
    "RefLinesPE": 24,
    "PercentPhaseFOV": 100,
    "PhaseEncodingSteps": 63,
    "AcquisitionMatrixPE": 64,
    "ReconMatrixPE": 64,
    "BandwidthPerPixelPhaseEncode": 58.962,
    "ParallelReductionFactorInPlane": 2,
    "EffectiveEchoSpacing": 0.000265001,
    "DerivedVendorReportedEchoSpacing": 0.000530002,
    "TotalReadoutTime": 0.0166951,
    "PixelBandwidth": 2232,
    "DwellTime": 3.5e-06,
    "PhaseEncodingDirection": "j-",
    "SliceTiming": [
        1.715,
        1.665,
        1.615,
        1.565,
        1.515,
        1.4625,
        1.4125,
        1.3625,
        1.3125,
        1.2625,
        1.2125,
        1.16,
        1.11,
        1.06,
        1.01,
        0.96,
        0.9075,
        0.8575,
        0.8075,
        0.7575,
        0.7075,
        0.655,
        0.605,
        0.555,
        0.505,
        0.455,
        0.405,
        0.3525,
        0.3025,
        0.2525,
        0.2025,
        0.1525,
        0.1,
        0.05,
        0
    ],
    "ImageOrientationPatientDICOM": [
        0.99827,
        0.0212797,
        -0.0548031,
        -0.035171,
        0.963144,
        -0.266678
    ],
    "InPlanePhaseEncodingDirectionDICOM": "COL",
    "ConversionSoftware": "dcm2niix",
    "ConversionSoftwareVersion": "v1.0.20190902"
}