{
    "Modality": "MR",
    "MagneticFieldStrength": 3,
    "ImagingFrequency": 123.222,
    "Manufacturer": "Siemens",
    "ManufacturersModelName": "TrioTim",
    "InstitutionName": "Center_of_BrainImaging_Uni-Marburg",
    "InstitutionalDepartmentName": "Department",
    "InstitutionAddress": "deleted_by_bidsonym",
    "DeviceSerialNumber": "35420",
    "StationName": "MEDPC",
    "SeriesInstanceUID": "1.3.12.2.1107.5.2.32.35420.2020031215462330835308335.0.0.0",
    "StudyInstanceUID": "1.3.12.2.1107.5.2.32.35420.30000020031206245842100000019",
    "StudyID": "1",
    "PatientName": "20200312_AGB_Empatom_07",
    "PatientID": "Empatom_07",
    "PatientBirthDate": "2001-01-01",
    "PatientSex": "M",
    "PatientWeight": 68,
    "PatientPosition": "HFS",
    "ProcedureStepDescription": "AGB_Andreas",
    "SoftwareVersions": "syngo_MR_B17",
    "MRAcquisitionType": "2D",
    "SeriesDescription": "gre_field_mapping_AP",
    "ProtocolName": "gre_field_mapping_AP",
    "ScanningSequence": "GR",
    "SequenceVariant": "SP",
    "SequenceName": "_fm2d2r",
    "ImageType": [
        "ORIGINAL",
        "PRIMARY",
        "P",
        "ND"
    ],
    "SeriesNumber": 8,
    "AcquisitionTime": "15:46:27.942500",
    "AcquisitionDateTime": "2020-03-12T15:46:27.942500",
    "AcquisitionNumber": 1,
    "SliceThickness": 3.5,
    "SpacingBetweenSlices": 4.025,
    "SAR": 0.187956,
    "EchoNumber": 2,
    "EchoTime": 0.00738,
    "EchoTime1": 0.00492,
    "EchoTime2": 0.00738,
    "RepetitionTime": 0.4,
    "FlipAngle": 60,
    "PartialFourier": 1,
    "BaseResolution": 64,
    "ShimSetting": [
        9338,
        9477,
        -1388,
        112,
        -150,
        -2443,
        646,
        298
    ],
    "TxRefAmp": 300.215,
    "PhaseResolution": 1,
    "ReceiveCoilName": "HeadMatrix",
    "CoilString": "C:HEA;HEP",
    "PulseSequenceDetails": "%SiemensSeq%_gre_field_mapping",
    "PercentPhaseFOV": 100,
    "PhaseEncodingSteps": 64,
    "AcquisitionMatrixPE": 64,
    "ReconMatrixPE": 64,
    "PixelBandwidth": 260,
    "DwellTime": 3e-05,
    "PhaseEncodingDirection": "j-",
    "SliceTiming": [
        0,
        0.20312,
        0.01562,
        0.21875,
        0.03125,
        0.23438,
        0.03125,
        0.25,
        0.04688,
        0.25,
        0.0625,
        0.26562,
        0.0625,
        0.28125,
        0.07812,
        0.28125,
        0.09375,
        0.29688,
        0.10938,
        0.3125,
        0.10938,
        0.3125,
        0.125,
        0.32812,
        0.14062,
        0.34375,
        0.14062,
        0.35938,
        0.15625,
        0.35938,
        0.17188,
        0.375,
        0.17188,
        0.39062,
        0.1875,
        0.39062,
        0.20312
    ],
    "ImageOrientationPatientDICOM": [
        0.997131,
        -0.0251536,
        0.0713951,
        0.0271552,
        0.999261,
        -0.027205
    ],
    "InPlanePhaseEncodingDirectionDICOM": "COL",
    "ConversionSoftware": "dcm2niix",
    "ConversionSoftwareVersion": "v1.0.20190902"
}