{
    "Modality": "MR",
    "MagneticFieldStrength": 3,
    "ImagingFrequency": 123.222,
    "Manufacturer": "Siemens",
    "ManufacturersModelName": "TrioTim",
    "InstitutionName": "Center_of_BrainImaging_Uni-Marburg",
    "InstitutionalDepartmentName": "Department",
    "InstitutionAddress": "deleted_by_bidsonym",
    "DeviceSerialNumber": "35420",
    "StationName": "MEDPC",
    "SeriesInstanceUID": "1.3.12.2.1107.5.2.32.35420.2020031210462741841845668.0.0.0",
    "StudyInstanceUID": "1.3.12.2.1107.5.2.32.35420.30000020031206245842100000007",
    "StudyID": "1",
    "PatientName": "20200312_AGB_Empatom_06",
    "PatientID": "Empatom_06",
    "PatientBirthDate": "1989-01-01",
    "PatientSex": "F",
    "PatientWeight": 70,
    "PatientPosition": "HFS",
    "ProcedureStepDescription": "AGB_Andreas",
    "SoftwareVersions": "syngo_MR_B17",
    "MRAcquisitionType": "2D",
    "SeriesDescription": "gre_field_mapping_AP",
    "ProtocolName": "gre_field_mapping_AP",
    "ScanningSequence": "GR",
    "SequenceVariant": "SP",
    "SequenceName": "_fm2d2r",
    "ImageType": [
        "ORIGINAL",
        "PRIMARY",
        "P",
        "ND"
    ],
    "SeriesNumber": 8,
    "AcquisitionTime": "10:46:32.210000",
    "AcquisitionDateTime": "2020-03-12T10:46:32.210000",
    "AcquisitionNumber": 1,
    "SliceThickness": 3.5,
    "SpacingBetweenSlices": 4.025,
    "SAR": 0.178863,
    "EchoNumber": 2,
    "EchoTime": 0.00738,
    "EchoTime1": 0.00492,
    "EchoTime2": 0.00738,
    "RepetitionTime": 0.4,
    "FlipAngle": 60,
    "PartialFourier": 1,
    "BaseResolution": 64,
    "ShimSetting": [
        9292,
        9482,
        -1440,
        165,
        -112,
        -2532,
        723,
        345
    ],
    "TxRefAmp": 287.671,
    "PhaseResolution": 1,
    "ReceiveCoilName": "HeadMatrix",
    "CoilString": "C:HEA;HEP",
    "PulseSequenceDetails": "%SiemensSeq%_gre_field_mapping",
    "PercentPhaseFOV": 100,
    "PhaseEncodingSteps": 64,
    "AcquisitionMatrixPE": 64,
    "ReconMatrixPE": 64,
    "PixelBandwidth": 260,
    "DwellTime": 3e-05,
    "PhaseEncodingDirection": "j-",
    "SliceTiming": [
        0,
        0.20312,
        0.00781,
        0.21094,
        0.01562,
        0.22656,
        0.03125,
        0.23438,
        0.03906,
        0.25,
        0.05469,
        0.25781,
        0.0625,
        0.26562,
        0.07031,
        0.28125,
        0.08594,
        0.28906,
        0.09375,
        0.30469,
        0.10938,
        0.3125,
        0.11719,
        0.32031,
        0.13281,
        0.33594,
        0.14062,
        0.34375,
        0.14844,
        0.35938,
        0.16406,
        0.36719,
        0.17188,
        0.38281,
        0.17969,
        0.39062,
        0.19531
    ],
    "ImageOrientationPatientDICOM": [
        0.998557,
        -0.011769,
        -0.0524007,
        0.0158612,
        0.996798,
        0.078377
    ],
    "InPlanePhaseEncodingDirectionDICOM": "COL",
    "ConversionSoftware": "dcm2niix",
    "ConversionSoftwareVersion": "v1.0.20190902"
}