{
    "Modality": "MR",
    "MagneticFieldStrength": 3,
    "ImagingFrequency": 123.222,
    "Manufacturer": "Siemens",
    "ManufacturersModelName": "TrioTim",
    "InstitutionName": "Center_of_BrainImaging_Uni-Marburg",
    "InstitutionalDepartmentName": "Department",
    "InstitutionAddress": "deleted_by_bidsonym",
    "DeviceSerialNumber": "35420",
    "StationName": "MEDPC",
    "SeriesInstanceUID": "1.3.12.2.1107.5.2.32.35420.2020031210132922898026652.0.0.0",
    "StudyInstanceUID": "1.3.12.2.1107.5.2.32.35420.30000020031206245842100000007",
    "StudyID": "1",
    "PatientName": "20200312_AGB_Empatom_06",
    "PatientID": "Empatom_06",
    "PatientBirthDate": "1989-01-01",
    "PatientSex": "F",
    "PatientWeight": 70,
    "PatientPosition": "HFS",
    "ProcedureStepDescription": "AGB_Andreas",
    "SoftwareVersions": "syngo_MR_B17",
    "MRAcquisitionType": "2D",
    "SeriesDescription": "ep2d_bold_TR1760_TE27_p2_des_iso35",
    "ProtocolName": "ep2d_bold_TR1760_TE27_p2_des_iso35",
    "ScanningSequence": "EP",
    "SequenceVariant": "SK",
    "ScanOptions": "FS",
    "SequenceName": "_epfid2d1_64",
    "ImageType": [
        "ORIGINAL",
        "PRIMARY",
        "M",
        "ND",
        "MOSAIC"
    ],
    "SeriesNumber": 6,
    "AcquisitionTime": "10:13:39.780000",
    "AcquisitionDateTime": "2020-03-12T10:13:39.780000",
    "AcquisitionNumber": 1,
    "SliceThickness": 3.5,
    "SpacingBetweenSlices": 4.025,
    "SAR": 0.111124,
    "EchoTime": 0.027,
    "RepetitionTime": 1.76,
    "FlipAngle": 71,
    "PartialFourier": 1,
    "BaseResolution": 64,
    "ShimSetting": [
        9289,
        9486,
        -1430,
        197,
        -123,
        -2484,
        730,
        348
    ],
    "TxRefAmp": 287.671,
    "PhaseResolution": 1,
    "ReceiveCoilName": "HeadMatrix",
    "CoilString": "T:HEA;HEP",
    "PulseSequenceDetails": "%SiemensSeq%_ep2d_bold",
    "RefLinesPE": 24,
    "PercentPhaseFOV": 100,
    "PhaseEncodingSteps": 63,
    "AcquisitionMatrixPE": 64,
    "ReconMatrixPE": 64,
    "BandwidthPerPixelPhaseEncode": 58.962,
    "ParallelReductionFactorInPlane": 2,
    "EffectiveEchoSpacing": 0.000265001,
    "DerivedVendorReportedEchoSpacing": 0.000530002,
    "TotalReadoutTime": 0.0166951,
    "PixelBandwidth": 2232,
    "DwellTime": 3.5e-06,
    "PhaseEncodingDirection": "j-",
    "SliceTiming": [
        1.715,
        1.665,
        1.615,
        1.5625,
        1.5125,
        1.4625,
        1.4125,
        1.3625,
        1.3125,
        1.26,
        1.21,
        1.16,
        1.11,
        1.06,
        1.0075,
        0.9575,
        0.9075,
        0.8575,
        0.8075,
        0.755,
        0.705,
        0.655,
        0.605,
        0.555,
        0.505,
        0.4525,
        0.4025,
        0.3525,
        0.3025,
        0.2525,
        0.2,
        0.15,
        0.1,
        0.05,
        0
    ],
    "ImageOrientationPatientDICOM": [
        0.998556,
        -0.0118231,
        -0.052405,
        0.0159154,
        0.996797,
        0.0783741
    ],
    "InPlanePhaseEncodingDirectionDICOM": "COL",
    "ConversionSoftware": "dcm2niix",
    "ConversionSoftwareVersion": "v1.0.20190902"
}