{
  "aor": 0.0006204216315307058,
  "aqi": 0.005242047415215398,
  "bids_meta": {
    "AcquisitionDateTime": "2020-03-13T12:39:12.802500",
    "AcquisitionMatrixPE": 64,
    "AcquisitionNumber": 1,
    "AcquisitionTime": "12:39:12.802500",
    "BandwidthPerPixelPhaseEncode": 58.962,
    "BaseResolution": 64,
    "CoilString": "T:HEA;HEP",
    "ConversionSoftware": "dcm2niix",
    "ConversionSoftwareVersion": "v1.0.20190902",
    "DerivedVendorReportedEchoSpacing": 0.000530002,
    "DeviceSerialNumber": "35420",
    "DwellTime": 3.5e-06,
    "EchoTime": 0.027,
    "EffectiveEchoSpacing": 0.000265001,
    "FlipAngle": 71,
    "ImageOrientationPatientDICOM": [
      0.997304,
      0.059756,
      -0.0425976,
      -0.0616799,
      0.997064,
      -0.0453775
    ],
    "ImageType": [
      "ORIGINAL",
      "PRIMARY",
      "M",
      "ND",
      "MOSAIC"
    ],
    "ImagingFrequency": 123.221,
    "InPlanePhaseEncodingDirectionDICOM": "COL",
    "InstitutionAddress": "deleted_by_bidsonym",
    "InstitutionName": "Section_of_BrainImaging",
    "InstitutionalDepartmentName": "Department",
    "MRAcquisitionType": "2D",
    "MagneticFieldStrength": 3,
    "Manufacturer": "Siemens",
    "ManufacturersModelName": "TrioTim",
    "Modality": "MR",
    "ParallelReductionFactorInPlane": 2,
    "PartialFourier": 1,
    "PatientBirthDate": "1994-01-01",
    "PatientID": "Empatom_08",
    "PatientName": "20200313_AGB_Empatom_08",
    "PatientPosition": "HFS",
    "PatientSex": "M",
    "PatientWeight": 66,
    "PercentPhaseFOV": 100,
    "PhaseEncodingDirection": "j-",
    "PhaseEncodingSteps": 63,
    "PhaseResolution": 1,
    "PixelBandwidth": 2232,
    "ProcedureStepDescription": "AGB_Andreas",
    "ProtocolName": "ep2d_bold_TR1760_TE27_p2_des_iso35",
    "PulseSequenceDetails": "%SiemensSeq%_ep2d_bold",
    "ReceiveCoilName": "HeadMatrix",
    "ReconMatrixPE": 64,
    "RefLinesPE": 24,
    "RepetitionTime": 1.76,
    "SAR": 0.125761,
    "ScanOptions": "FS",
    "ScanningSequence": "EP",
    "SequenceName": "_epfid2d1_64",
    "SequenceVariant": "SK",
    "SeriesDescription": "ep2d_bold_TR1760_TE27_p2_des_iso35",
    "SeriesInstanceUID": "1.3.12.2.1107.5.2.32.35420.2020031312390191583633974.0.0.0",
    "SeriesNumber": 6,
    "ShimSetting": [
      9308,
      9558,
      -1457,
      11,
      -72,
      -2111,
      568,
      329
    ],
    "SliceThickness": 3.5,
    "SliceTiming": [
      1.715,
      1.665,
      1.615,
      1.565,
      1.515,
      1.4625,
      1.4125,
      1.3625,
      1.3125,
      1.2625,
      1.2125,
      1.16,
      1.11,
      1.06,
      1.01,
      0.96,
      0.9075,
      0.8575,
      0.8075,
      0.7575,
      0.7075,
      0.655,
      0.605,
      0.555,
      0.505,
      0.455,
      0.405,
      0.3525,
      0.3025,
      0.2525,
      0.2025,
      0.1525,
      0.1,
      0.05,
      0
    ],
    "SoftwareVersions": "syngo_MR_B17",
    "SpacingBetweenSlices": 4.025,
    "StationName": "MEDPC",
    "StudyID": "1",
    "StudyInstanceUID": "1.3.12.2.1107.5.2.32.35420.30000020031206245842100000028",
    "TaskName": "empatom",
    "TotalReadoutTime": 0.0166951,
    "TxRefAmp": 301.953,
    "dataset": "unknown",
    "modality": "bold",
    "subject_id": "08",
    "task_id": "empatom"
  },
  "dummy_trs": 1,
  "dvars_nstd": 22.447953388779823,
  "dvars_std": 1.0325288722935777,
  "dvars_vstd": 0.9761416212477068,
  "efc": 0.509285716690474,
  "fber": 1583.9990234375,
  "fd_mean": 0.10334442728883858,
  "fd_num": 63,
  "fd_perc": 5.774518790100825,
  "fwhm_avg": 2.3575843720240943,
  "fwhm_x": 2.3240000000000003,
  "fwhm_y": 2.569717142857143,
  "fwhm_z": 2.179035973215139,
  "gcor": 0.0275371,
  "gsr_x": -0.003932356834411621,
  "gsr_y": 0.026878131553530693,
  "provenance": {
    "md5sum": "15f9688a7f2639590b4847d1be15f5df",
    "settings": {
      "fd_thres": 0.2,
      "hmc_fsl": false
    },
    "software": "mriqc",
    "version": "0.15.2rc1",
    "webapi_port": null,
    "webapi_url": "https://mriqc.nimh.nih.gov/api/v1"
  },
  "size_t": 1091,
  "size_x": 64,
  "size_y": 64,
  "size_z": 35,
  "snr": 3.9331522820879568,
  "spacing_tr": 1.7599999904632568,
  "spacing_x": 3.5,
  "spacing_y": 3.5,
  "spacing_z": 4.025000095367432,
  "summary_bg_k": 70.58740530158187,
  "summary_bg_mad": 6.498444080352783,
  "summary_bg_mean": 34.70327377319336,
  "summary_bg_median": 18.804765701293945,
  "summary_bg_n": 81810.0,
  "summary_bg_p05": 13.193400382995605,
  "summary_bg_p95": 120.13758087158203,
  "summary_bg_stdv": 54.63557052612305,
  "summary_fg_k": 2.017911265481505,
  "summary_fg_mad": 157.74696350097656,
  "summary_fg_mean": 802.2247924804688,
  "summary_fg_median": 794.9119873046875,
  "summary_fg_n": 30422.0,
  "summary_fg_p05": 495.49803466796874,
  "summary_fg_p95": 1143.2701110839844,
  "summary_fg_stdv": 202.1022491455078,
  "tsnr": 54.579978942871094
}