{
  "aor": 0.0008208992805755395,
  "aqi": 0.008515225386690646,
  "bids_meta": {
    "AcquisitionDateTime": "2020-03-12T10:13:39.780000",
    "AcquisitionMatrixPE": 64,
    "AcquisitionNumber": 1,
    "AcquisitionTime": "10:13:39.780000",
    "BandwidthPerPixelPhaseEncode": 58.962,
    "BaseResolution": 64,
    "CoilString": "T:HEA;HEP",
    "ConversionSoftware": "dcm2niix",
    "ConversionSoftwareVersion": "v1.0.20190902",
    "DerivedVendorReportedEchoSpacing": 0.000530002,
    "DeviceSerialNumber": "35420",
    "DwellTime": 3.5e-06,
    "EchoTime": 0.027,
    "EffectiveEchoSpacing": 0.000265001,
    "FlipAngle": 71,
    "ImageOrientationPatientDICOM": [
      0.998556,
      -0.0118231,
      -0.052405,
      0.0159154,
      0.996797,
      0.0783741
    ],
    "ImageType": [
      "ORIGINAL",
      "PRIMARY",
      "M",
      "ND",
      "MOSAIC"
    ],
    "ImagingFrequency": 123.222,
    "InPlanePhaseEncodingDirectionDICOM": "COL",
    "InstitutionAddress": "deleted_by_bidsonym",
    "InstitutionName": "Center_of_BrainImaging_Uni-Marburg",
    "InstitutionalDepartmentName": "Department",
    "MRAcquisitionType": "2D",
    "MagneticFieldStrength": 3,
    "Manufacturer": "Siemens",
    "ManufacturersModelName": "TrioTim",
    "Modality": "MR",
    "ParallelReductionFactorInPlane": 2,
    "PartialFourier": 1,
    "PatientBirthDate": "1989-01-01",
    "PatientID": "Empatom_06",
    "PatientName": "20200312_AGB_Empatom_06",
    "PatientPosition": "HFS",
    "PatientSex": "F",
    "PatientWeight": 70,
    "PercentPhaseFOV": 100,
    "PhaseEncodingDirection": "j-",
    "PhaseEncodingSteps": 63,
    "PhaseResolution": 1,
    "PixelBandwidth": 2232,
    "ProcedureStepDescription": "AGB_Andreas",
    "ProtocolName": "ep2d_bold_TR1760_TE27_p2_des_iso35",
    "PulseSequenceDetails": "%SiemensSeq%_ep2d_bold",
    "ReceiveCoilName": "HeadMatrix",
    "ReconMatrixPE": 64,
    "RefLinesPE": 24,
    "RepetitionTime": 1.76,
    "SAR": 0.111124,
    "ScanOptions": "FS",
    "ScanningSequence": "EP",
    "SequenceName": "_epfid2d1_64",
    "SequenceVariant": "SK",
    "SeriesDescription": "ep2d_bold_TR1760_TE27_p2_des_iso35",
    "SeriesInstanceUID": "1.3.12.2.1107.5.2.32.35420.2020031210132922898026652.0.0.0",
    "SeriesNumber": 6,
    "ShimSetting": [
      9289,
      9486,
      -1430,
      197,
      -123,
      -2484,
      730,
      348
    ],
    "SliceThickness": 3.5,
    "SliceTiming": [
      1.715,
      1.665,
      1.615,
      1.5625,
      1.5125,
      1.4625,
      1.4125,
      1.3625,
      1.3125,
      1.26,
      1.21,
      1.16,
      1.11,
      1.06,
      1.0075,
      0.9575,
      0.9075,
      0.8575,
      0.8075,
      0.755,
      0.705,
      0.655,
      0.605,
      0.555,
      0.505,
      0.4525,
      0.4025,
      0.3525,
      0.3025,
      0.2525,
      0.2,
      0.15,
      0.1,
      0.05,
      0
    ],
    "SoftwareVersions": "syngo_MR_B17",
    "SpacingBetweenSlices": 4.025,
    "StationName": "MEDPC",
    "StudyID": "1",
    "StudyInstanceUID": "1.3.12.2.1107.5.2.32.35420.30000020031206245842100000007",
    "TaskName": "empatom",
    "TotalReadoutTime": 0.0166951,
    "TxRefAmp": 287.671,
    "dataset": "unknown",
    "modality": "bold",
    "subject_id": "06",
    "task_id": "empatom"
  },
  "dummy_trs": 0,
  "dvars_nstd": 19.725041726786657,
  "dvars_std": 1.0008992833393364,
  "dvars_vstd": 0.9620355884158424,
  "efc": 0.4519632333992655,
  "fber": 2238.944580078125,
  "fd_mean": 0.09940549619859272,
  "fd_num": 28,
  "fd_perc": 2.5179856115107913,
  "fwhm_avg": 2.4150690208574876,
  "fwhm_x": 2.3136715861777977,
  "fwhm_y": 2.75562,
  "fwhm_z": 2.1759154763946658,
  "gcor": 0.0545611,
  "gsr_x": -0.007663931231945753,
  "gsr_y": 0.019109167158603668,
  "provenance": {
    "md5sum": "15adcb28cd155482f877eee4215e7232",
    "settings": {
      "fd_thres": 0.2,
      "hmc_fsl": false
    },
    "software": "mriqc",
    "version": "0.15.2rc1",
    "webapi_port": null,
    "webapi_url": "https://mriqc.nimh.nih.gov/api/v1"
  },
  "size_t": 1112,
  "size_x": 64,
  "size_y": 64,
  "size_z": 35,
  "snr": 4.338333219136776,
  "spacing_tr": 1.7599999904632568,
  "spacing_x": 3.499999761581421,
  "spacing_y": 3.5,
  "spacing_z": 4.025000095367432,
  "summary_bg_k": 58.62554430480735,
  "summary_bg_mad": 4.41314172744751,
  "summary_bg_mean": 25.4995174407959,
  "summary_bg_median": 16.07284164428711,
  "summary_bg_n": 90066.0,
  "summary_bg_p05": 12.26618766784668,
  "summary_bg_p95": 71.3619613647461,
  "summary_bg_stdv": 30.6110782623291,
  "summary_fg_k": 2.4659610655351045,
  "summary_fg_mad": 136.03143310546875,
  "summary_fg_mean": 794.150390625,
  "summary_fg_median": 797.3084716796875,
  "summary_fg_n": 23994.0,
  "summary_fg_p05": 490.0110366821289,
  "summary_fg_p95": 1079.711242675781,
  "summary_fg_stdv": 183.77838134765625,
  "tsnr": 50.45777893066406
}