{
    "Modality": "MR",
    "MagneticFieldStrength": 3,
    "ImagingFrequency": 123.222,
    "Manufacturer": "Siemens",
    "ManufacturersModelName": "TrioTim",
    "InstitutionName": "Center_of_BrainImaging_Uni-Marburg",
    "InstitutionalDepartmentName": "Department",
    "InstitutionAddress": "deleted_by_bidsonym",
    "DeviceSerialNumber": "35420",
    "StationName": "MEDPC",
    "SeriesInstanceUID": "1.3.12.2.1107.5.2.32.35420.2020031115500621085152246.0.0.0",
    "StudyInstanceUID": "1.3.12.2.1107.5.2.32.35420.30000020031106353982800000025",
    "StudyID": "1",
    "PatientName": "20200311_Empatom_04",
    "PatientID": "Empatom_04",
    "PatientBirthDate": "1996-01-01",
    "PatientSex": "M",
    "PatientWeight": 63,
    "PatientPosition": "HFS",
    "ProcedureStepDescription": "AGB_Andreas",
    "SoftwareVersions": "syngo_MR_B17",
    "MRAcquisitionType": "2D",
    "SeriesDescription": "ep2d_bold_TR1760_TE27_p2_des_iso35",
    "ProtocolName": "ep2d_bold_TR1760_TE27_p2_des_iso35",
    "ScanningSequence": "EP",
    "SequenceVariant": "SK",
    "ScanOptions": "FS",
    "SequenceName": "_epfid2d1_64",
    "ImageType": [
        "ORIGINAL",
        "PRIMARY",
        "M",
        "ND",
        "MOSAIC"
    ],
    "SeriesNumber": 6,
    "AcquisitionTime": "15:50:15.792500",
    "AcquisitionDateTime": "2020-03-11T15:50:15.792500",
    "AcquisitionNumber": 1,
    "SliceThickness": 3.5,
    "SpacingBetweenSlices": 4.025,
    "SAR": 0.12714,
    "EchoTime": 0.027,
    "RepetitionTime": 1.76,
    "FlipAngle": 71,
    "PartialFourier": 1,
    "BaseResolution": 64,
    "ShimSetting": [
        9344,
        9532,
        -1426,
        161,
        5,
        -2427,
        478,
        216
    ],
    "TxRefAmp": 296.879,
    "PhaseResolution": 1,
    "ReceiveCoilName": "HeadMatrix",
    "CoilString": "T:HEA;HEP",
    "PulseSequenceDetails": "%SiemensSeq%_ep2d_bold",
    "RefLinesPE": 24,
    "PercentPhaseFOV": 100,
    "PhaseEncodingSteps": 63,
    "AcquisitionMatrixPE": 64,
    "ReconMatrixPE": 64,
    "BandwidthPerPixelPhaseEncode": 58.962,
    "ParallelReductionFactorInPlane": 2,
    "EffectiveEchoSpacing": 0.000265001,
    "DerivedVendorReportedEchoSpacing": 0.000530002,
    "TotalReadoutTime": 0.0166951,
    "PixelBandwidth": 2232,
    "DwellTime": 3.5e-06,
    "PhaseEncodingDirection": "j-",
    "SliceTiming": [
        1.715,
        1.665,
        1.615,
        1.5625,
        1.5125,
        1.4625,
        1.4125,
        1.3625,
        1.31,
        1.26,
        1.21,
        1.16,
        1.11,
        1.06,
        1.0075,
        0.9575,
        0.9075,
        0.8575,
        0.8075,
        0.755,
        0.705,
        0.655,
        0.605,
        0.555,
        0.5025,
        0.4525,
        0.4025,
        0.3525,
        0.3025,
        0.2525,
        0.2,
        0.15,
        0.1,
        0.05,
        0
    ],
    "ImageOrientationPatientDICOM": [
        0.998929,
        -0.0453611,
        0.00914173,
        0.0453611,
        0.998971,
        0.000211552
    ],
    "InPlanePhaseEncodingDirectionDICOM": "COL",
    "ConversionSoftware": "dcm2niix",
    "ConversionSoftwareVersion": "v1.0.20190902"
}