{
    "Modality": "MR",
    "MagneticFieldStrength": 3,
    "ImagingFrequency": 123.221,
    "Manufacturer": "Siemens",
    "ManufacturersModelName": "TrioTim",
    "InstitutionName": "Section_of_BrainImaging",
    "InstitutionalDepartmentName": "Department",
    "InstitutionAddress": "deleted_by_bidsonym",
    "DeviceSerialNumber": "35420",
    "StationName": "MEDPC",
    "SeriesInstanceUID": "1.3.12.2.1107.5.2.32.35420.2020062412032361602799379.0.0.0",
    "StudyInstanceUID": "1.3.12.2.1107.5.2.32.35420.30000020062405253642100000010",
    "StudyID": "1",
    "PatientName": "20200624_AGB_EMPATOM10",
    "PatientID": "20200624_AGB_EMPATOM10",
    "PatientBirthDate": "1993-01-01",
    "PatientSex": "M",
    "PatientWeight": 52,
    "PatientPosition": "HFS",
    "ProcedureStepDescription": "AGB_Andreas",
    "SoftwareVersions": "syngo_MR_B17",
    "MRAcquisitionType": "2D",
    "SeriesDescription": "gre_field_mapping_AP",
    "ProtocolName": "gre_field_mapping_AP",
    "ScanningSequence": "GR",
    "SequenceVariant": "SP",
    "SequenceName": "_fm2d2r",
    "ImageType": [
        "ORIGINAL",
        "PRIMARY",
        "P",
        "ND"
    ],
    "SeriesNumber": 8,
    "AcquisitionTime": "12:03:27.982500",
    "AcquisitionDateTime": "2020-06-24T12:03:27.982500",
    "AcquisitionNumber": 1,
    "SliceThickness": 3.5,
    "SpacingBetweenSlices": 4.025,
    "SAR": 0.200701,
    "EchoNumber": 2,
    "EchoTime": 0.00738,
    "EchoTime1": 0.00492,
    "EchoTime2": 0.00738,
    "RepetitionTime": 0.4,
    "FlipAngle": 60,
    "PartialFourier": 1,
    "BaseResolution": 64,
    "ShimSetting": [
        9351,
        9603,
        -1473,
        -55,
        -144,
        -2343,
        247,
        190
    ],
    "TxRefAmp": 303.004,
    "PhaseResolution": 1,
    "ReceiveCoilName": "HeadMatrix",
    "CoilString": "C:HEA;HEP",
    "PulseSequenceDetails": "%SiemensSeq%_gre_field_mapping",
    "PercentPhaseFOV": 100,
    "PhaseEncodingSteps": 64,
    "AcquisitionMatrixPE": 64,
    "ReconMatrixPE": 64,
    "PixelBandwidth": 260,
    "DwellTime": 3e-05,
    "PhaseEncodingDirection": "j-",
    "SliceTiming": [
        0,
        0.20312,
        0.00781,
        0.21094,
        0.01562,
        0.22656,
        0.03125,
        0.23438,
        0.03906,
        0.24219,
        0.04688,
        0.25781,
        0.0625,
        0.26562,
        0.07031,
        0.28125,
        0.08594,
        0.28906,
        0.09375,
        0.29688,
        0.10938,
        0.3125,
        0.11719,
        0.32031,
        0.125,
        0.33594,
        0.14062,
        0.34375,
        0.14844,
        0.35938,
        0.16406,
        0.36719,
        0.17188,
        0.375,
        0.17969,
        0.39062,
        0.19531
    ],
    "ImageOrientationPatientDICOM": [
        0.994736,
        -0.024445,
        0.0995097,
        0.0563108,
        0.941753,
        -0.331558
    ],
    "InPlanePhaseEncodingDirectionDICOM": "COL",
    "ConversionSoftware": "dcm2niix",
    "ConversionSoftwareVersion": "v1.0.20190902"
}