{
    "Modality": "MR",
    "MagneticFieldStrength": 3,
    "ImagingFrequency": 123.221,
    "Manufacturer": "Siemens",
    "ManufacturersModelName": "TrioTim",
    "InstitutionName": "Section_of_BrainImaging",
    "InstitutionalDepartmentName": "Department",
    "InstitutionAddress": "deleted_by_bidsonym",
    "DeviceSerialNumber": "35420",
    "StationName": "MEDPC",
    "SeriesInstanceUID": "1.3.12.2.1107.5.2.32.35420.202003050922194560323387.0.0.0",
    "StudyInstanceUID": "1.3.12.2.1107.5.2.32.35420.30000020030507311506200000001",
    "StudyID": "1",
    "PatientName": "20200305_Empatom_03",
    "PatientID": "Empatom_03",
    "PatientBirthDate": "1997-01-01",
    "PatientSex": "F",
    "PatientWeight": 71,
    "PatientPosition": "HFS",
    "ProcedureStepDescription": "AGB_Andreas",
    "SoftwareVersions": "syngo_MR_B17",
    "MRAcquisitionType": "2D",
    "SeriesDescription": "gre_field_mapping_AP",
    "ProtocolName": "gre_field_mapping_AP",
    "ScanningSequence": "GR",
    "SequenceVariant": "SP",
    "SequenceName": "_fm2d2r",
    "ImageType": [
        "ORIGINAL",
        "PRIMARY",
        "P",
        "ND"
    ],
    "SeriesNumber": 8,
    "AcquisitionTime": "09:22:23.935000",
    "AcquisitionDateTime": "2020-03-05T09:22:23.935000",
    "AcquisitionNumber": 1,
    "SliceThickness": 3.5,
    "SpacingBetweenSlices": 4.025,
    "SAR": 0.206515,
    "EchoNumber": 2,
    "EchoTime": 0.00738,
    "EchoTime1": 0.00492,
    "EchoTime2": 0.00738,
    "RepetitionTime": 0.4,
    "FlipAngle": 60,
    "PartialFourier": 1,
    "BaseResolution": 64,
    "ShimSetting": [
        9264,
        9531,
        -1479,
        265,
        -198,
        -2604,
        638,
        292
    ],
    "TxRefAmp": 284.197,
    "PhaseResolution": 1,
    "ReceiveCoilName": "HeadMatrix",
    "CoilString": "C:HEA;HEP",
    "PulseSequenceDetails": "%SiemensSeq%_gre_field_mapping",
    "PercentPhaseFOV": 100,
    "PhaseEncodingSteps": 64,
    "AcquisitionMatrixPE": 64,
    "ReconMatrixPE": 64,
    "PixelBandwidth": 260,
    "DwellTime": 3e-05,
    "PhaseEncodingDirection": "j-",
    "SliceTiming": [
        0,
        0.20312,
        0.00781,
        0.21875,
        0.01562,
        0.22656,
        0.03125,
        0.23438,
        0.03906,
        0.25,
        0.04688,
        0.25781,
        0.0625,
        0.26562,
        0.07031,
        0.28125,
        0.08594,
        0.28906,
        0.09375,
        0.29688,
        0.10156,
        0.3125,
        0.11719,
        0.32031,
        0.125,
        0.33594,
        0.14062,
        0.34375,
        0.14844,
        0.35156,
        0.15625,
        0.36719,
        0.17188,
        0.375,
        0.17969,
        0.39062,
        0.19531
    ],
    "ImageOrientationPatientDICOM": [
        0.996598,
        0.027709,
        -0.0776239,
        -0.0424672,
        0.979788,
        -0.195478
    ],
    "InPlanePhaseEncodingDirectionDICOM": "COL",
    "ConversionSoftware": "dcm2niix",
    "ConversionSoftwareVersion": "v1.0.20190902"
}