{
  "aor": 0.0016655606617647061,
  "aqi": 0.009632084623161766,
  "bids_meta": {
    "AcquisitionDateTime": "2020-06-24T11:31:4.080000",
    "AcquisitionMatrixPE": 64,
    "AcquisitionNumber": 1,
    "AcquisitionTime": "11:31:4.080000",
    "BandwidthPerPixelPhaseEncode": 58.962,
    "BaseResolution": 64,
    "CoilString": "T:HEA;HEP",
    "ConversionSoftware": "dcm2niix",
    "ConversionSoftwareVersion": "v1.0.20190902",
    "DerivedVendorReportedEchoSpacing": 0.000530002,
    "DeviceSerialNumber": "35420",
    "DwellTime": 3.5e-06,
    "EchoTime": 0.027,
    "EffectiveEchoSpacing": 0.000265001,
    "FlipAngle": 71,
    "ImageOrientationPatientDICOM": [
      0.994739,
      -0.0243992,
      0.0994932,
      0.0562622,
      0.941754,
      -0.331563
    ],
    "ImageType": [
      "ORIGINAL",
      "PRIMARY",
      "M",
      "ND",
      "MOSAIC"
    ],
    "ImagingFrequency": 123.221,
    "InPlanePhaseEncodingDirectionDICOM": "COL",
    "InstitutionAddress": "deleted_by_bidsonym",
    "InstitutionName": "Section_of_BrainImaging",
    "InstitutionalDepartmentName": "Department",
    "MRAcquisitionType": "2D",
    "MagneticFieldStrength": 3,
    "Manufacturer": "Siemens",
    "ManufacturersModelName": "TrioTim",
    "Modality": "MR",
    "ParallelReductionFactorInPlane": 2,
    "PartialFourier": 1,
    "PatientBirthDate": "1993-01-01",
    "PatientID": "20200624_AGB_EMPATOM10",
    "PatientName": "20200624_AGB_EMPATOM10",
    "PatientPosition": "HFS",
    "PatientSex": "M",
    "PatientWeight": 52,
    "PercentPhaseFOV": 100,
    "PhaseEncodingDirection": "j-",
    "PhaseEncodingSteps": 63,
    "PhaseResolution": 1,
    "PixelBandwidth": 2232,
    "ProcedureStepDescription": "AGB_Andreas",
    "ProtocolName": "ep2d_bold_TR1760_TE27_p2_des_iso35",
    "PulseSequenceDetails": "%SiemensSeq%_ep2d_bold",
    "ReceiveCoilName": "HeadMatrix",
    "ReconMatrixPE": 64,
    "RefLinesPE": 24,
    "RepetitionTime": 1.76,
    "SAR": 0.124692,
    "ScanOptions": "FS",
    "ScanningSequence": "EP",
    "SequenceName": "_epfid2d1_64",
    "SequenceVariant": "SK",
    "SeriesDescription": "ep2d_bold_TR1760_TE27_p2_des_iso35",
    "SeriesInstanceUID": "1.3.12.2.1107.5.2.32.35420.2020062411305399501282868.0.0.0",
    "SeriesNumber": 6,
    "ShimSetting": [
      9351,
      9608,
      -1466,
      -38,
      -144,
      -2284,
      238,
      194
    ],
    "SliceThickness": 3.5,
    "SliceTiming": [
      1.715,
      1.665,
      1.615,
      1.565,
      1.515,
      1.4625,
      1.4125,
      1.3625,
      1.3125,
      1.2625,
      1.21,
      1.16,
      1.11,
      1.06,
      1.01,
      0.96,
      0.9075,
      0.8575,
      0.8075,
      0.7575,
      0.7075,
      0.655,
      0.605,
      0.555,
      0.505,
      0.455,
      0.4025,
      0.3525,
      0.3025,
      0.2525,
      0.2025,
      0.1525,
      0.1,
      0.05,
      0
    ],
    "SoftwareVersions": "syngo_MR_B17",
    "SpacingBetweenSlices": 4.025,
    "StationName": "MEDPC",
    "StudyID": "1",
    "StudyInstanceUID": "1.3.12.2.1107.5.2.32.35420.30000020062405253642100000010",
    "TaskName": "empatom",
    "TotalReadoutTime": 0.0166951,
    "TxRefAmp": 303.004,
    "dataset": "<unset>",
    "modality": "bold",
    "subject_id": "10",
    "task_id": "empatom"
  },
  "dummy_trs": 0,
  "dvars_nstd": 21.97219097814164,
  "dvars_std": 1.0169642465409396,
  "dvars_vstd": 0.9963939265869355,
  "efc": 0.4854065667173067,
  "fber": 1830.9111328125,
  "fd_mean": 0.1371721808314813,
  "fd_num": 105,
  "fd_perc": 9.650735294117647,
  "fwhm_avg": 2.5022698367248117,
  "fwhm_x": 2.390954285714286,
  "fwhm_y": 2.7927571428571425,
  "fwhm_z": 2.323098081603007,
  "gcor": 0.0196288,
  "gsr_x": 0.004646725486963987,
  "gsr_y": 0.022076962515711784,
  "provenance": {
    "md5sum": "99debccb5fd8b9c3dce566fd8db236f1",
    "settings": {
      "fd_thres": 0.2,
      "hmc_fsl": false,
      "testing": false
    },
    "software": "mriqc",
    "version": "0.15.2",
    "webapi_port": null,
    "webapi_url": "https://mriqc.nimh.nih.gov/api/v1"
  },
  "size_t": 1088,
  "size_x": 64,
  "size_y": 64,
  "size_z": 35,
  "snr": 4.554691094030774,
  "spacing_tr": 1.7599999904632568,
  "spacing_x": 3.5,
  "spacing_y": 3.5,
  "spacing_z": 4.025000095367432,
  "summary_bg_k": 27.648012727308988,
  "summary_bg_mad": 7.068933743939698,
  "summary_bg_mean": 40.79695510864258,
  "summary_bg_median": 17.649356842041016,
  "summary_bg_n": 88950.0,
  "summary_bg_p05": 11.20813446044922,
  "summary_bg_p95": 183.56116485595714,
  "summary_bg_stdv": 72.57847595214844,
  "summary_fg_k": 1.9394294227113944,
  "summary_fg_mad": 136.136392423555,
  "summary_fg_mean": 791.7083129882812,
  "summary_fg_median": 785.4163818359375,
  "summary_fg_n": 24648.0,
  "summary_fg_p05": 522.7518310546875,
  "summary_fg_p95": 1083.9393737792968,
  "summary_fg_stdv": 172.4376983642578,
  "tsnr": 43.25856948271394
}