{
    "Modality": "MR",
    "MagneticFieldStrength": 3,
    "ImagingFrequency": 123.221,
    "Manufacturer": "Siemens",
    "ManufacturersModelName": "TrioTim",
    "InstitutionName": "Section_of_BrainImaging",
    "InstitutionalDepartmentName": "Department",
    "InstitutionAddress": "deleted_by_bidsonym",
    "DeviceSerialNumber": "35420",
    "StationName": "MEDPC",
    "SeriesInstanceUID": "1.3.12.2.1107.5.2.32.35420.2020062411305399501282868.0.0.0",
    "StudyInstanceUID": "1.3.12.2.1107.5.2.32.35420.30000020062405253642100000010",
    "StudyID": "1",
    "PatientName": "20200624_AGB_EMPATOM10",
    "PatientID": "20200624_AGB_EMPATOM10",
    "PatientBirthDate": "1993-01-01",
    "PatientSex": "M",
    "PatientWeight": 52,
    "PatientPosition": "HFS",
    "ProcedureStepDescription": "AGB_Andreas",
    "SoftwareVersions": "syngo_MR_B17",
    "MRAcquisitionType": "2D",
    "SeriesDescription": "ep2d_bold_TR1760_TE27_p2_des_iso35",
    "ProtocolName": "ep2d_bold_TR1760_TE27_p2_des_iso35",
    "ScanningSequence": "EP",
    "SequenceVariant": "SK",
    "ScanOptions": "FS",
    "SequenceName": "_epfid2d1_64",
    "ImageType": [
        "ORIGINAL",
        "PRIMARY",
        "M",
        "ND",
        "MOSAIC"
    ],
    "SeriesNumber": 6,
    "AcquisitionTime": "11:31:4.080000",
    "AcquisitionDateTime": "2020-06-24T11:31:4.080000",
    "AcquisitionNumber": 1,
    "SliceThickness": 3.5,
    "SpacingBetweenSlices": 4.025,
    "SAR": 0.124692,
    "EchoTime": 0.027,
    "RepetitionTime": 1.76,
    "FlipAngle": 71,
    "PartialFourier": 1,
    "BaseResolution": 64,
    "ShimSetting": [
        9351,
        9608,
        -1466,
        -38,
        -144,
        -2284,
        238,
        194
    ],
    "TxRefAmp": 303.004,
    "PhaseResolution": 1,
    "ReceiveCoilName": "HeadMatrix",
    "CoilString": "T:HEA;HEP",
    "PulseSequenceDetails": "%SiemensSeq%_ep2d_bold",
    "RefLinesPE": 24,
    "PercentPhaseFOV": 100,
    "PhaseEncodingSteps": 63,
    "AcquisitionMatrixPE": 64,
    "ReconMatrixPE": 64,
    "BandwidthPerPixelPhaseEncode": 58.962,
    "ParallelReductionFactorInPlane": 2,
    "EffectiveEchoSpacing": 0.000265001,
    "DerivedVendorReportedEchoSpacing": 0.000530002,
    "TotalReadoutTime": 0.0166951,
    "PixelBandwidth": 2232,
    "DwellTime": 3.5e-06,
    "PhaseEncodingDirection": "j-",
    "SliceTiming": [
        1.715,
        1.665,
        1.615,
        1.565,
        1.515,
        1.4625,
        1.4125,
        1.3625,
        1.3125,
        1.2625,
        1.21,
        1.16,
        1.11,
        1.06,
        1.01,
        0.96,
        0.9075,
        0.8575,
        0.8075,
        0.7575,
        0.7075,
        0.655,
        0.605,
        0.555,
        0.505,
        0.455,
        0.4025,
        0.3525,
        0.3025,
        0.2525,
        0.2025,
        0.1525,
        0.1,
        0.05,
        0
    ],
    "ImageOrientationPatientDICOM": [
        0.994739,
        -0.0243992,
        0.0994932,
        0.0562622,
        0.941754,
        -0.331563
    ],
    "InPlanePhaseEncodingDirectionDICOM": "COL",
    "ConversionSoftware": "dcm2niix",
    "ConversionSoftwareVersion": "v1.0.20190902"
}