{
    "Modality": "MR",
    "MagneticFieldStrength": 3,
    "ImagingFrequency": 123.222,
    "Manufacturer": "Siemens",
    "ManufacturersModelName": "TrioTim",
    "InstitutionName": "Center_of_BrainImaging_Uni-Marburg",
    "InstitutionalDepartmentName": "Department",
    "InstitutionAddress": "deleted_by_bidsonym",
    "DeviceSerialNumber": "35420",
    "StationName": "MEDPC",
    "SeriesInstanceUID": "1.3.12.2.1107.5.2.32.35420.2020031209042582143323600.0.0.0",
    "StudyInstanceUID": "1.3.12.2.1107.5.2.32.35420.30000020031206245842100000004",
    "StudyID": "1",
    "PatientName": "20200312_Empatom_05",
    "PatientID": "Empatom_05",
    "PatientBirthDate": "1995-01-01",
    "PatientSex": "M",
    "PatientWeight": 80,
    "PatientPosition": "HFS",
    "ProcedureStepDescription": "AGB_Andreas",
    "SoftwareVersions": "syngo_MR_B17",
    "MRAcquisitionType": "2D",
    "SeriesDescription": "gre_field_mapping_AP",
    "ProtocolName": "gre_field_mapping_AP",
    "ScanningSequence": "GR",
    "SequenceVariant": "SP",
    "SequenceName": "_fm2d2r",
    "ImageType": [
        "ORIGINAL",
        "PRIMARY",
        "P",
        "ND"
    ],
    "SeriesNumber": 9,
    "AcquisitionTime": "09:04:29.947500",
    "AcquisitionDateTime": "2020-03-12T09:04:29.947500",
    "AcquisitionNumber": 1,
    "SliceThickness": 3.5,
    "SpacingBetweenSlices": 4.025,
    "SAR": 0.186625,
    "EchoNumber": 2,
    "EchoTime": 0.00738,
    "EchoTime1": 0.00492,
    "EchoTime2": 0.00738,
    "RepetitionTime": 0.4,
    "FlipAngle": 60,
    "PartialFourier": 1,
    "BaseResolution": 64,
    "ShimSetting": [
        9283,
        9531,
        -1445,
        207,
        -173,
        -2603,
        742,
        335
    ],
    "TxRefAmp": 284.777,
    "PhaseResolution": 1,
    "ReceiveCoilName": "HeadMatrix",
    "CoilString": "C:HEA;HEP",
    "PulseSequenceDetails": "%SiemensSeq%_gre_field_mapping",
    "PercentPhaseFOV": 100,
    "PhaseEncodingSteps": 64,
    "AcquisitionMatrixPE": 64,
    "ReconMatrixPE": 64,
    "PixelBandwidth": 260,
    "DwellTime": 3e-05,
    "PhaseEncodingDirection": "j-",
    "SliceTiming": [
        0,
        0.21094,
        0.01562,
        0.21875,
        0.02344,
        0.22656,
        0.03125,
        0.24219,
        0.04688,
        0.25,
        0.05469,
        0.26562,
        0.07031,
        0.27344,
        0.07812,
        0.28125,
        0.08594,
        0.29688,
        0.10156,
        0.30469,
        0.10938,
        0.32031,
        0.11719,
        0.32812,
        0.13281,
        0.33594,
        0.14062,
        0.35156,
        0.14844,
        0.35938,
        0.16406,
        0.36719,
        0.17188,
        0.38281,
        0.1875,
        0.39062,
        0.19531
    ],
    "ImageOrientationPatientDICOM": [
        0.999165,
        -0.0199115,
        -0.0356891,
        0.0218017,
        0.998336,
        0.0533783
    ],
    "InPlanePhaseEncodingDirectionDICOM": "COL",
    "ConversionSoftware": "dcm2niix",
    "ConversionSoftwareVersion": "v1.0.20190902"
}