{
  "aor": 0.0007068944099378881,
  "aqi": 0.01396802695652174,
  "bids_meta": {
    "AcquisitionDateTime": "2020-03-05T08:48:59.820000",
    "AcquisitionMatrixPE": 64,
    "AcquisitionNumber": 1,
    "AcquisitionTime": "08:48:59.820000",
    "BandwidthPerPixelPhaseEncode": 58.962,
    "BaseResolution": 64,
    "CoilString": "T:HEA;HEP",
    "ConversionSoftware": "dcm2niix",
    "ConversionSoftwareVersion": "v1.0.20190902",
    "DerivedVendorReportedEchoSpacing": 0.000530002,
    "DeviceSerialNumber": "35420",
    "DwellTime": 3.5e-06,
    "EchoTime": 0.027,
    "EffectiveEchoSpacing": 0.000265001,
    "FlipAngle": 71,
    "ImageOrientationPatientDICOM": [
      0.996595,
      0.027768,
      -0.0776356,
      -0.0425272,
      0.979787,
      -0.195473
    ],
    "ImageType": [
      "ORIGINAL",
      "PRIMARY",
      "M",
      "ND",
      "MOSAIC"
    ],
    "ImagingFrequency": 123.221,
    "InPlanePhaseEncodingDirectionDICOM": "COL",
    "InstitutionAddress": "deleted_by_bidsonym",
    "InstitutionName": "Section_of_BrainImaging",
    "InstitutionalDepartmentName": "Department",
    "MRAcquisitionType": "2D",
    "MagneticFieldStrength": 3,
    "Manufacturer": "Siemens",
    "ManufacturersModelName": "TrioTim",
    "Modality": "MR",
    "ParallelReductionFactorInPlane": 2,
    "PartialFourier": 1,
    "PatientBirthDate": "1997-01-01",
    "PatientID": "Empatom_03",
    "PatientName": "20200305_Empatom_03",
    "PatientPosition": "HFS",
    "PatientSex": "F",
    "PatientWeight": 71,
    "PercentPhaseFOV": 100,
    "PhaseEncodingDirection": "j-",
    "PhaseEncodingSteps": 63,
    "PhaseResolution": 1,
    "PixelBandwidth": 2232,
    "ProcedureStepDescription": "AGB_Andreas",
    "ProtocolName": "ep2d_bold_TR1760_TE27_p2_des_iso35",
    "PulseSequenceDetails": "%SiemensSeq%_ep2d_bold",
    "ReceiveCoilName": "HeadMatrix",
    "ReconMatrixPE": 64,
    "RefLinesPE": 24,
    "RepetitionTime": 1.76,
    "SAR": 0.128304,
    "ScanOptions": "FS",
    "ScanningSequence": "EP",
    "SequenceName": "_epfid2d1_64",
    "SequenceVariant": "SK",
    "SeriesDescription": "ep2d_bold_TR1760_TE27_p2_des_iso35",
    "SeriesInstanceUID": "1.3.12.2.1107.5.2.32.35420.2020030508484845204902754.0.0.0",
    "SeriesNumber": 6,
    "ShimSetting": [
      9264,
      9535,
      -1473,
      290,
      -192,
      -2560,
      626,
      289
    ],
    "SliceThickness": 3.5,
    "SliceTiming": [
      1.715,
      1.665,
      1.615,
      1.565,
      1.515,
      1.4625,
      1.4125,
      1.3625,
      1.3125,
      1.2625,
      1.2125,
      1.16,
      1.11,
      1.06,
      1.01,
      0.96,
      0.9075,
      0.8575,
      0.8075,
      0.7575,
      0.7075,
      0.655,
      0.605,
      0.555,
      0.505,
      0.455,
      0.405,
      0.3525,
      0.3025,
      0.2525,
      0.2025,
      0.1525,
      0.1,
      0.05,
      0
    ],
    "SoftwareVersions": "syngo_MR_B17",
    "SpacingBetweenSlices": 4.025,
    "StationName": "MEDPC",
    "StudyID": "1",
    "StudyInstanceUID": "1.3.12.2.1107.5.2.32.35420.30000020030507311506200000001",
    "TaskName": "empatom",
    "TotalReadoutTime": 0.0166951,
    "TxRefAmp": 284.197,
    "dataset": "unknown",
    "modality": "bold",
    "subject_id": "03",
    "task_id": "empatom"
  },
  "dummy_trs": 0,
  "dvars_nstd": 23.835887075532874,
  "dvars_std": 1.0763078609857906,
  "dvars_vstd": 0.931315690186501,
  "efc": 0.46738325310602336,
  "fber": 2271.960205078125,
  "fd_mean": 0.11967085470950833,
  "fd_num": 65,
  "fd_perc": 5.767524401064774,
  "fwhm_avg": 2.450893003215799,
  "fwhm_x": 2.3396885714285713,
  "fwhm_y": 2.7556828571428573,
  "fwhm_z": 2.2573075810759677,
  "gcor": 0.0468828,
  "gsr_x": -0.006948802154511213,
  "gsr_y": 0.021111221984028816,
  "provenance": {
    "md5sum": "8aa27782baf9026574bb7a2246eb8865",
    "settings": {
      "fd_thres": 0.2,
      "hmc_fsl": false
    },
    "software": "mriqc",
    "version": "0.15.2rc1",
    "webapi_port": null,
    "webapi_url": "https://mriqc.nimh.nih.gov/api/v1"
  },
  "size_t": 1127,
  "size_x": 64,
  "size_y": 64,
  "size_z": 35,
  "snr": 5.2783489005178845,
  "spacing_tr": 1.7599999904632568,
  "spacing_x": 3.5,
  "spacing_y": 3.5,
  "spacing_z": 4.024998664855957,
  "summary_bg_k": 45.983306988526785,
  "summary_bg_mad": 4.963494300842285,
  "summary_bg_mean": 32.55511474609375,
  "summary_bg_median": 16.32564353942871,
  "summary_bg_n": 89782.0,
  "summary_bg_p05": 11.850088644027709,
  "summary_bg_p95": 118.38398704528808,
  "summary_bg_stdv": 51.99163055419922,
  "summary_fg_k": 2.977741369089866,
  "summary_fg_mad": 119.8513412475586,
  "summary_fg_mean": 813.955322265625,
  "summary_fg_median": 814.531494140625,
  "summary_fg_n": 23951.0,
  "summary_fg_p05": 579.0279846191406,
  "summary_fg_p95": 1062.9450073242188,
  "summary_fg_stdv": 154.31236267089844,
  "tsnr": 45.969417572021484
}