{
  "aor": 0.002269924953095685,
  "aqi": 0.009910712767354597,
  "bids_meta": {
    "AcquisitionDateTime": "2020-03-11T15:50:15.792500",
    "AcquisitionMatrixPE": 64,
    "AcquisitionNumber": 1,
    "AcquisitionTime": "15:50:15.792500",
    "BandwidthPerPixelPhaseEncode": 58.962,
    "BaseResolution": 64,
    "CoilString": "T:HEA;HEP",
    "ConversionSoftware": "dcm2niix",
    "ConversionSoftwareVersion": "v1.0.20190902",
    "DerivedVendorReportedEchoSpacing": 0.000530002,
    "DeviceSerialNumber": "35420",
    "DwellTime": 3.5e-06,
    "EchoTime": 0.027,
    "EffectiveEchoSpacing": 0.000265001,
    "FlipAngle": 71,
    "ImageOrientationPatientDICOM": [
      0.998929,
      -0.0453611,
      0.00914173,
      0.0453611,
      0.998971,
      0.000211552
    ],
    "ImageType": [
      "ORIGINAL",
      "PRIMARY",
      "M",
      "ND",
      "MOSAIC"
    ],
    "ImagingFrequency": 123.222,
    "InPlanePhaseEncodingDirectionDICOM": "COL",
    "InstitutionAddress": "deleted_by_bidsonym",
    "InstitutionName": "Center_of_BrainImaging_Uni-Marburg",
    "InstitutionalDepartmentName": "Department",
    "MRAcquisitionType": "2D",
    "MagneticFieldStrength": 3,
    "Manufacturer": "Siemens",
    "ManufacturersModelName": "TrioTim",
    "Modality": "MR",
    "ParallelReductionFactorInPlane": 2,
    "PartialFourier": 1,
    "PatientBirthDate": "1996-01-01",
    "PatientID": "Empatom_04",
    "PatientName": "20200311_Empatom_04",
    "PatientPosition": "HFS",
    "PatientSex": "M",
    "PatientWeight": 63,
    "PercentPhaseFOV": 100,
    "PhaseEncodingDirection": "j-",
    "PhaseEncodingSteps": 63,
    "PhaseResolution": 1,
    "PixelBandwidth": 2232,
    "ProcedureStepDescription": "AGB_Andreas",
    "ProtocolName": "ep2d_bold_TR1760_TE27_p2_des_iso35",
    "PulseSequenceDetails": "%SiemensSeq%_ep2d_bold",
    "ReceiveCoilName": "HeadMatrix",
    "ReconMatrixPE": 64,
    "RefLinesPE": 24,
    "RepetitionTime": 1.76,
    "SAR": 0.12714,
    "ScanOptions": "FS",
    "ScanningSequence": "EP",
    "SequenceName": "_epfid2d1_64",
    "SequenceVariant": "SK",
    "SeriesDescription": "ep2d_bold_TR1760_TE27_p2_des_iso35",
    "SeriesInstanceUID": "1.3.12.2.1107.5.2.32.35420.2020031115500621085152246.0.0.0",
    "SeriesNumber": 6,
    "ShimSetting": [
      9344,
      9532,
      -1426,
      161,
      5,
      -2427,
      478,
      216
    ],
    "SliceThickness": 3.5,
    "SliceTiming": [
      1.715,
      1.665,
      1.615,
      1.5625,
      1.5125,
      1.4625,
      1.4125,
      1.3625,
      1.31,
      1.26,
      1.21,
      1.16,
      1.11,
      1.06,
      1.0075,
      0.9575,
      0.9075,
      0.8575,
      0.8075,
      0.755,
      0.705,
      0.655,
      0.605,
      0.555,
      0.5025,
      0.4525,
      0.4025,
      0.3525,
      0.3025,
      0.2525,
      0.2,
      0.15,
      0.1,
      0.05,
      0
    ],
    "SoftwareVersions": "syngo_MR_B17",
    "SpacingBetweenSlices": 4.025,
    "StationName": "MEDPC",
    "StudyID": "1",
    "StudyInstanceUID": "1.3.12.2.1107.5.2.32.35420.30000020031106353982800000025",
    "TaskName": "empatom",
    "TotalReadoutTime": 0.0166951,
    "TxRefAmp": 296.879,
    "dataset": "unknown",
    "modality": "bold",
    "subject_id": "04",
    "task_id": "empatom"
  },
  "dummy_trs": 0,
  "dvars_nstd": 22.634519297671332,
  "dvars_std": 1.0679046257934273,
  "dvars_vstd": 0.9932786322723,
  "efc": 0.484416374424224,
  "fber": 1902.7337646484375,
  "fd_mean": 0.11327320780679048,
  "fd_num": 54,
  "fd_perc": 5.065666041275797,
  "fwhm_avg": 2.42402925789839,
  "fwhm_x": 2.3210971428571425,
  "fwhm_y": 2.739785714285714,
  "fwhm_z": 2.2112049165523144,
  "gcor": 0.018729,
  "gsr_x": -0.003507220884785056,
  "gsr_y": 0.025146130472421646,
  "provenance": {
    "md5sum": "b4bd4214c412a4d431a5d7c11af86092",
    "settings": {
      "fd_thres": 0.2,
      "hmc_fsl": false
    },
    "software": "mriqc",
    "version": "0.15.2rc1",
    "webapi_port": null,
    "webapi_url": "https://mriqc.nimh.nih.gov/api/v1"
  },
  "size_t": 1066,
  "size_x": 64,
  "size_y": 64,
  "size_z": 35,
  "snr": 4.348054997247084,
  "spacing_tr": 1.7599999904632568,
  "spacing_x": 3.5,
  "spacing_y": 3.5,
  "spacing_z": 4.025000095367432,
  "summary_bg_k": 38.486609485306744,
  "summary_bg_mad": 6.1070427894592285,
  "summary_bg_mean": 33.537166595458984,
  "summary_bg_median": 17.371482849121094,
  "summary_bg_n": 86932.0,
  "summary_bg_p05": 12.046904563903809,
  "summary_bg_p95": 123.45698890686035,
  "summary_bg_stdv": 53.353904724121094,
  "summary_fg_k": 1.8428092211827716,
  "summary_fg_mad": 146.8763427734375,
  "summary_fg_mean": 805.2034301757812,
  "summary_fg_median": 799.6458740234375,
  "summary_fg_n": 26134.0,
  "summary_fg_p05": 520.2795593261719,
  "summary_fg_p95": 1115.671252441406,
  "summary_fg_stdv": 183.9053497314453,
  "tsnr": 44.673614501953125
}