{
  "aor": 0.0007170905763952425,
  "aqi": 0.006258184263494968,
  "bids_meta": {
    "AcquisitionDateTime": "2020-03-04T13:29:17.485000",
    "AcquisitionMatrixPE": 64,
    "AcquisitionNumber": 1,
    "AcquisitionTime": "13:29:17.485000",
    "BandwidthPerPixelPhaseEncode": 58.962,
    "BaseResolution": 64,
    "CoilString": "T:HEA;HEP",
    "ConversionSoftware": "dcm2niix",
    "ConversionSoftwareVersion": "v1.0.20190902",
    "DerivedVendorReportedEchoSpacing": 0.000530002,
    "DeviceSerialNumber": "35420",
    "DwellTime": 3.5e-06,
    "EchoTime": 0.027,
    "EffectiveEchoSpacing": 0.000265001,
    "FlipAngle": 71,
    "ImageComments": "empatom_2",
    "ImageOrientationPatientDICOM": [
      0.999677,
      0.0211036,
      0.0141356,
      -0.0200377,
      0.997224,
      -0.0717156
    ],
    "ImageType": [
      "ORIGINAL",
      "PRIMARY",
      "M",
      "ND",
      "MOSAIC"
    ],
    "ImagingFrequency": 123.221,
    "InPlanePhaseEncodingDirectionDICOM": "COL",
    "InstitutionAddress": "deleted_by_bidsonym",
    "InstitutionName": "Center_of_BrainImaging_Uni-Marburg",
    "InstitutionalDepartmentName": "Department",
    "MRAcquisitionType": "2D",
    "MagneticFieldStrength": 3,
    "Manufacturer": "Siemens",
    "ManufacturersModelName": "TrioTim",
    "Modality": "MR",
    "ParallelReductionFactorInPlane": 2,
    "PartialFourier": 1,
    "PatientBirthDate": "1995-01-01",
    "PatientID": "Empatom_02",
    "PatientName": "20200304_Empatom_02",
    "PatientPosition": "HFS",
    "PatientSex": "F",
    "PatientWeight": 64,
    "PercentPhaseFOV": 100,
    "PhaseEncodingDirection": "j-",
    "PhaseEncodingSteps": 63,
    "PhaseResolution": 1,
    "PixelBandwidth": 2232,
    "ProcedureStepDescription": "AGB_Andreas",
    "ProtocolName": "ep2d_bold_TR1760_TE27_p2_des_iso35",
    "PulseSequenceDetails": "%SiemensSeq%_ep2d_bold",
    "ReceiveCoilName": "HeadMatrix",
    "ReconMatrixPE": 64,
    "RefLinesPE": 24,
    "RepetitionTime": 1.76,
    "SAR": 0.112887,
    "ScanOptions": "FS",
    "ScanningSequence": "EP",
    "SequenceName": "_epfid2d1_64",
    "SequenceVariant": "SK",
    "SeriesDescription": "ep2d_bold_TR1760_TE27_p2_des_iso35",
    "SeriesInstanceUID": "1.3.12.2.1107.5.2.32.35420.2020030413290590741218347.0.0.0",
    "SeriesNumber": 6,
    "ShimSetting": [
      9334,
      9503,
      -1466,
      217,
      -171,
      -2565,
      743,
      224
    ],
    "SliceThickness": 3.5,
    "SliceTiming": [
      1.715,
      1.665,
      1.615,
      1.565,
      1.5125,
      1.4625,
      1.4125,
      1.3625,
      1.3125,
      1.26,
      1.21,
      1.16,
      1.11,
      1.06,
      1.0075,
      0.9575,
      0.9075,
      0.8575,
      0.8075,
      0.7575,
      0.705,
      0.655,
      0.605,
      0.555,
      0.505,
      0.4525,
      0.4025,
      0.3525,
      0.3025,
      0.2525,
      0.2,
      0.15,
      0.1,
      0.05,
      0
    ],
    "SoftwareVersions": "syngo_MR_B17",
    "SpacingBetweenSlices": 4.025,
    "StationName": "MEDPC",
    "StudyID": "1",
    "StudyInstanceUID": "1.3.12.2.1107.5.2.32.35420.30000020030408300979600000004",
    "TaskName": "empatom",
    "TotalReadoutTime": 0.0166951,
    "TxRefAmp": 293.764,
    "dataset": "unknown",
    "modality": "bold",
    "subject_id": "02",
    "task_id": "empatom"
  },
  "dummy_trs": 1,
  "dvars_nstd": 19.207977011895593,
  "dvars_std": 1.0011012409065936,
  "dvars_vstd": 0.9774077276831487,
  "efc": 0.46697648843344125,
  "fber": 2240.763671875,
  "fd_mean": 0.12166402499721603,
  "fd_num": 93,
  "fd_perc": 8.508691674290942,
  "fwhm_avg": 2.350807808696062,
  "fwhm_x": 2.2454857142857145,
  "fwhm_y": 2.6049800000000003,
  "fwhm_z": 2.201957711802472,
  "gcor": 0.058749,
  "gsr_x": -0.009599646553397179,
  "gsr_y": 0.01658625900745392,
  "provenance": {
    "md5sum": "4c38ce7901cc2d2a9d9f30577b54e9f2",
    "settings": {
      "fd_thres": 0.2,
      "hmc_fsl": false
    },
    "software": "mriqc",
    "version": "0.15.2rc1",
    "webapi_port": null,
    "webapi_url": "https://mriqc.nimh.nih.gov/api/v1"
  },
  "size_t": 1093,
  "size_x": 64,
  "size_y": 64,
  "size_z": 35,
  "snr": 4.248830567636643,
  "spacing_tr": 1.7599999904632568,
  "spacing_x": 3.5,
  "spacing_y": 3.5,
  "spacing_z": 4.025000095367432,
  "summary_bg_k": 60.75986236209132,
  "summary_bg_mad": 4.084278106689453,
  "summary_bg_mean": 24.670578002929688,
  "summary_bg_median": 15.444647789001465,
  "summary_bg_n": 87209.0,
  "summary_bg_p05": 11.723695755004883,
  "summary_bg_p95": 62.43403396606442,
  "summary_bg_stdv": 34.56684494018555,
  "summary_fg_k": 2.471463964113928,
  "summary_fg_mad": 144.78366088867188,
  "summary_fg_mean": 786.4874877929688,
  "summary_fg_median": 775.0091552734375,
  "summary_fg_n": 26235.0,
  "summary_fg_p05": 528.1192810058594,
  "summary_fg_p95": 1099.8508911132812,
  "summary_fg_stdv": 182.4018096923828,
  "tsnr": 53.77448654174805
}