{
  "aor": 0.0010834509056244044,
  "aqi": 0.021896670162059102,
  "bids_meta": {
    "AcquisitionDateTime": "2020-03-03T12:02:41.795000",
    "AcquisitionMatrixPE": 64,
    "AcquisitionNumber": 1,
    "AcquisitionTime": "12:02:41.795000",
    "BandwidthPerPixelPhaseEncode": 58.962,
    "BaseResolution": 64,
    "CoilString": "T:HEA;HEP",
    "ConversionSoftware": "dcm2niix",
    "ConversionSoftwareVersion": "v1.0.20190902",
    "DerivedVendorReportedEchoSpacing": 0.000530002,
    "DeviceSerialNumber": "35420",
    "DwellTime": 3.5e-06,
    "EchoTime": 0.027,
    "EffectiveEchoSpacing": 0.000265001,
    "FlipAngle": 71,
    "ImageOrientationPatientDICOM": [
      0.999988,
      0.000226295,
      -0.0048727,
      -0.000705528,
      0.995129,
      -0.0985752
    ],
    "ImageType": [
      "ORIGINAL",
      "PRIMARY",
      "M",
      "ND",
      "MOSAIC"
    ],
    "ImagingFrequency": 123.221,
    "InPlanePhaseEncodingDirectionDICOM": "COL",
    "InstitutionAddress": "deleted_by_bidsonym",
    "InstitutionName": "Center_of_BrainImaging_Uni-Marburg",
    "InstitutionalDepartmentName": "Department",
    "MRAcquisitionType": "2D",
    "MagneticFieldStrength": 3,
    "Manufacturer": "Siemens",
    "ManufacturersModelName": "TrioTim",
    "Modality": "MR",
    "ParallelReductionFactorInPlane": 2,
    "PartialFourier": 1,
    "PatientBirthDate": "1991-01-01",
    "PatientID": "20200219_Empatom_01",
    "PatientName": "20200303_Empatom_01",
    "PatientPosition": "HFS",
    "PatientSex": "F",
    "PatientWeight": 58,
    "PercentPhaseFOV": 100,
    "PhaseEncodingDirection": "j-",
    "PhaseEncodingSteps": 63,
    "PhaseResolution": 1,
    "PixelBandwidth": 2232,
    "ProcedureStepDescription": "AGB_Andreas",
    "ProtocolName": "ep2d_bold_TR1760_TE27_p2_des_iso35",
    "PulseSequenceDetails": "%SiemensSeq%_ep2d_bold",
    "ReceiveCoilName": "HeadMatrix",
    "ReconMatrixPE": 64,
    "RefLinesPE": 24,
    "RepetitionTime": 1.76,
    "SAR": 0.124094,
    "ScanOptions": "FS",
    "ScanningSequence": "EP",
    "SequenceName": "_epfid2d1_64",
    "SequenceVariant": "SK",
    "SeriesDescription": "ep2d_bold_TR1760_TE27_p2_des_iso35",
    "SeriesInstanceUID": "1.3.12.2.1107.5.2.32.35420.2020030312023138727946135.0.0.0",
    "SeriesNumber": 6,
    "ShimSetting": [
      9312,
      9525,
      -1455,
      318,
      -97,
      -2913,
      301,
      224
    ],
    "SliceThickness": 3.5,
    "SliceTiming": [
      1.7175,
      1.6675,
      1.615,
      1.565,
      1.515,
      1.465,
      1.415,
      1.3625,
      1.3125,
      1.2625,
      1.2125,
      1.1625,
      1.1125,
      1.06,
      1.01,
      0.96,
      0.91,
      0.86,
      0.8075,
      0.7575,
      0.7075,
      0.6575,
      0.6075,
      0.555,
      0.505,
      0.455,
      0.405,
      0.355,
      0.305,
      0.2525,
      0.2025,
      0.1525,
      0.1025,
      0.0525,
      0
    ],
    "SoftwareVersions": "syngo_MR_B17",
    "SpacingBetweenSlices": 4.025,
    "StationName": "MEDPC",
    "StudyID": "1",
    "StudyInstanceUID": "1.3.12.2.1107.5.2.32.35420.30000020022706263348400000087",
    "TaskName": "empatom",
    "TotalReadoutTime": 0.0166951,
    "TxRefAmp": 294.042,
    "dataset": "unknown",
    "modality": "bold",
    "subject_id": "01",
    "task_id": "empatom"
  },
  "dummy_trs": 1,
  "dvars_nstd": 25.529827192538164,
  "dvars_std": 0.935978365667939,
  "dvars_vstd": 0.9031972483969467,
  "efc": 0.4547353156352175,
  "fber": 2039.6856689453125,
  "fd_mean": 0.2523880620974994,
  "fd_num": 612,
  "fd_perc": 58.341277407054335,
  "fwhm_avg": 2.4416024089236577,
  "fwhm_x": 2.386548571428571,
  "fwhm_y": 2.7020085714285713,
  "fwhm_z": 2.23625008391383,
  "gcor": 0.037938,
  "gsr_x": 0.009585688821971416,
  "gsr_y": 0.013541976921260357,
  "provenance": {
    "md5sum": "914318c4d102b17cad4ffb0dee45dc9a",
    "settings": {
      "fd_thres": 0.2,
      "hmc_fsl": false
    },
    "software": "mriqc",
    "version": "0.15.2rc1",
    "webapi_port": null,
    "webapi_url": "https://mriqc.nimh.nih.gov/api/v1"
  },
  "size_t": 1049,
  "size_x": 64,
  "size_y": 64,
  "size_z": 35,
  "snr": 4.383130054441693,
  "spacing_tr": 1.7599999904632568,
  "spacing_x": 3.5,
  "spacing_y": 3.5,
  "spacing_z": 4.025001525878906,
  "summary_bg_k": 70.50947305686417,
  "summary_bg_mad": 5.945956230163574,
  "summary_bg_mean": 27.0498046875,
  "summary_bg_median": 16.359390258789062,
  "summary_bg_n": 90013.0,
  "summary_bg_p05": 11.237369537353516,
  "summary_bg_p95": 72.76148986816405,
  "summary_bg_stdv": 40.47343444824219,
  "summary_fg_k": 1.999028250440304,
  "summary_fg_mad": 133.1726837158203,
  "summary_fg_mean": 773.474853515625,
  "summary_fg_median": 773.1525268554688,
  "summary_fg_n": 23525.0,
  "summary_fg_p05": 475.3954345703125,
  "summary_fg_p95": 1060.7418212890625,
  "summary_fg_stdv": 176.3890380859375,
  "tsnr": 28.57344627380371
}