{
    "Modality": "MR",
    "MagneticFieldStrength": 3,
    "ImagingFrequency": 123.222,
    "Manufacturer": "Siemens",
    "ManufacturersModelName": "TrioTim",
    "InstitutionName": "Center_of_BrainImaging_Uni-Marburg",
    "InstitutionalDepartmentName": "Department",
    "InstitutionAddress": "deleted_by_bidsonym",
    "DeviceSerialNumber": "35420",
    "StationName": "MEDPC",
    "SeriesInstanceUID": "1.3.12.2.1107.5.2.32.35420.2020031208315135227006061.0.0.0",
    "StudyInstanceUID": "1.3.12.2.1107.5.2.32.35420.30000020031206245842100000004",
    "StudyID": "1",
    "PatientName": "20200312_Empatom_05",
    "PatientID": "Empatom_05",
    "PatientBirthDate": "1995-01-01",
    "PatientSex": "M",
    "PatientWeight": 80,
    "PatientPosition": "HFS",
    "ProcedureStepDescription": "AGB_Andreas",
    "SoftwareVersions": "syngo_MR_B17",
    "MRAcquisitionType": "2D",
    "SeriesDescription": "ep2d_bold_TR1760_TE27_p2_des_iso35",
    "ProtocolName": "ep2d_bold_TR1760_TE27_p2_des_iso35",
    "ScanningSequence": "EP",
    "SequenceVariant": "SK",
    "ScanOptions": "FS",
    "SequenceName": "_epfid2d1_64",
    "ImageType": [
        "ORIGINAL",
        "PRIMARY",
        "M",
        "ND",
        "MOSAIC"
    ],
    "SeriesNumber": 7,
    "AcquisitionTime": "08:32:1.762500",
    "AcquisitionDateTime": "2020-03-12T08:32:1.762500",
    "AcquisitionNumber": 1,
    "SliceThickness": 3.5,
    "SpacingBetweenSlices": 4.025,
    "SAR": 0.115946,
    "EchoTime": 0.027,
    "RepetitionTime": 1.76,
    "FlipAngle": 71,
    "PartialFourier": 1,
    "BaseResolution": 64,
    "ShimSetting": [
        9280,
        9534,
        -1438,
        228,
        -191,
        -2569,
        751,
        327
    ],
    "TxRefAmp": 284.777,
    "PhaseResolution": 1,
    "ReceiveCoilName": "HeadMatrix",
    "CoilString": "T:HEA;HEP",
    "PulseSequenceDetails": "%SiemensSeq%_ep2d_bold",
    "RefLinesPE": 24,
    "PercentPhaseFOV": 100,
    "PhaseEncodingSteps": 63,
    "AcquisitionMatrixPE": 64,
    "ReconMatrixPE": 64,
    "BandwidthPerPixelPhaseEncode": 58.962,
    "ParallelReductionFactorInPlane": 2,
    "EffectiveEchoSpacing": 0.000265001,
    "DerivedVendorReportedEchoSpacing": 0.000530002,
    "TotalReadoutTime": 0.0166951,
    "PixelBandwidth": 2232,
    "DwellTime": 3.5e-06,
    "PhaseEncodingDirection": "j-",
    "SliceTiming": [
        1.7175,
        1.6675,
        1.615,
        1.565,
        1.515,
        1.465,
        1.415,
        1.365,
        1.3125,
        1.2625,
        1.2125,
        1.1625,
        1.1125,
        1.06,
        1.01,
        0.96,
        0.91,
        0.86,
        0.8075,
        0.7575,
        0.7075,
        0.6575,
        0.6075,
        0.555,
        0.505,
        0.455,
        0.405,
        0.355,
        0.305,
        0.2525,
        0.2025,
        0.1525,
        0.1025,
        0.0525,
        0
    ],
    "ImageOrientationPatientDICOM": [
        0.999163,
        -0.0199963,
        -0.0356936,
        0.0218865,
        0.998335,
        0.0533749
    ],
    "InPlanePhaseEncodingDirectionDICOM": "COL",
    "ConversionSoftware": "dcm2niix",
    "ConversionSoftwareVersion": "v1.0.20190902"
}