{
    "Modality": "MR",
    "MagneticFieldStrength": 3,
    "ImagingFrequency": 123.221,
    "Manufacturer": "Siemens",
    "ManufacturersModelName": "TrioTim",
    "InstitutionName": "Center_of_BrainImaging_Uni-Marburg",
    "InstitutionalDepartmentName": "Department",
    "InstitutionAddress": "deleted_by_bidsonym",
    "DeviceSerialNumber": "35420",
    "StationName": "MEDPC",
    "SeriesInstanceUID": "1.3.12.2.1107.5.2.32.35420.2020030312334367328158505.0.0.0",
    "StudyInstanceUID": "1.3.12.2.1107.5.2.32.35420.30000020022706263348400000087",
    "StudyID": "1",
    "PatientName": "20200303_Empatom_01",
    "PatientID": "20200219_Empatom_01",
    "PatientBirthDate": "1991-01-01",
    "PatientSex": "F",
    "PatientWeight": 58,
    "PatientPosition": "HFS",
    "ProcedureStepDescription": "AGB_Andreas",
    "SoftwareVersions": "syngo_MR_B17",
    "MRAcquisitionType": "2D",
    "SeriesDescription": "gre_field_mapping_AP",
    "ProtocolName": "gre_field_mapping_AP",
    "ScanningSequence": "GR",
    "SequenceVariant": "SP",
    "SequenceName": "_fm2d2r",
    "ImageType": [
        "ORIGINAL",
        "PRIMARY",
        "P",
        "ND"
    ],
    "SeriesNumber": 8,
    "AcquisitionTime": "12:33:47.955000",
    "AcquisitionDateTime": "2020-03-03T12:33:47.955000",
    "AcquisitionNumber": 1,
    "SliceThickness": 3.5,
    "SpacingBetweenSlices": 4.025,
    "SAR": 0.199739,
    "EchoNumber": 2,
    "EchoTime": 0.00738,
    "EchoTime1": 0.00492,
    "EchoTime2": 0.00738,
    "RepetitionTime": 0.4,
    "FlipAngle": 60,
    "PartialFourier": 1,
    "BaseResolution": 64,
    "ShimSetting": [
        9311,
        9523,
        -1459,
        291,
        -101,
        -2954,
        311,
        225
    ],
    "TxRefAmp": 294.042,
    "PhaseResolution": 1,
    "ReceiveCoilName": "HeadMatrix",
    "CoilString": "C:HEA;HEP",
    "PulseSequenceDetails": "%SiemensSeq%_gre_field_mapping",
    "PercentPhaseFOV": 100,
    "PhaseEncodingSteps": 64,
    "AcquisitionMatrixPE": 64,
    "ReconMatrixPE": 64,
    "PixelBandwidth": 260,
    "DwellTime": 3e-05,
    "PhaseEncodingDirection": "j-",
    "SliceTiming": [
        0,
        0.20312,
        0.01562,
        0.21875,
        0.02344,
        0.22656,
        0.03125,
        0.24219,
        0.04688,
        0.25,
        0.05469,
        0.26562,
        0.07031,
        0.27344,
        0.07812,
        0.28125,
        0.08594,
        0.29688,
        0.10156,
        0.30469,
        0.10938,
        0.32031,
        0.125,
        0.32812,
        0.13281,
        0.33594,
        0.14062,
        0.35156,
        0.15625,
        0.35938,
        0.16406,
        0.36719,
        0.17188,
        0.38281,
        0.1875,
        0.39062,
        0.19531
    ],
    "ImageOrientationPatientDICOM": [
        0.999988,
        0.000218484,
        -0.00487193,
        -0.00069768,
        0.995129,
        -0.0985752
    ],
    "InPlanePhaseEncodingDirectionDICOM": "COL",
    "ConversionSoftware": "dcm2niix",
    "ConversionSoftwareVersion": "v1.0.20190902"
}